GIT
  remote: git://github.com/plexus/hexp.git
  revision: 2b66a2e4e7e91ca64080cb48ccc1a5acccacb51f
  specs:
    hexp (0.2.0)
      equalizer (~> 0.0)
      ice_nine (~> 0.8)
      nokogiri (~> 1.6)
      sass (~> 3.2)

GEM
  remote: https://rubygems.org/
  specs:
    equalizer (0.0.7)
    ice_nine (0.10.0)
    mini_portile (0.5.2)
    nokogiri (1.6.0)
      mini_portile (~> 0.5.0)
    rack (1.5.2)
    rack-protection (1.5.1)
      rack
    sass (3.2.12)
    sinatra (1.4.4)
      rack (~> 1.4)
      rack-protection (~> 1.4)
      tilt (~> 1.3, >= 1.3.4)
    tilt (1.4.1)

PLATFORMS
  ruby

DEPENDENCIES
  hexp!
  sinatra
